GEM
  remote: http://rubygems.org/
  specs:
    activesupport (3.2.6)
      i18n (~> 0.6)
      multi_json (~> 1.0)
    i18n (0.6.0)
    json (1.7.3)
    memoist (0.1.0)
    multi_json (1.3.6)
    ruby-geometry (0.0.4)
      activesupport
      memoist

PLATFORMS
  ruby

DEPENDENCIES
  json
  ruby-geometry
